PATH
  remote: .
  specs:
    mini_tools (0.0.1)

GEM
  remote: https://rubygems.org/
  specs:
    minitest (5.5.1)

PLATFORMS
  ruby

DEPENDENCIES
  mini_tools!
  minitest
