PATH
  remote: .
  specs:
    mini_tools (0.0.2)

GEM
  remote: https://rubygems.org/
  specs:
    metaclass (0.0.4)
    minitest (5.5.1)
    mocha (1.1.0)
      metaclass (~> 0.0.1)
    rake (10.4.2)

PLATFORMS
  ruby

DEPENDENCIES
  mini_tools!
  minitest
  mocha
  rake

BUNDLED WITH
   1.16.1
